GEM
  remote: https://rubygems.org/
  specs:
    minitest (5.17.0)

PLATFORMS
  arm64-darwin-21
  arm64-darwin-22

DEPENDENCIES
  minitest

RUBY VERSION
   ruby 3.0.0p0

BUNDLED WITH
   2.3.10
